GEM
  remote: https://rubygems.org/
  specs:
    activesupport (6.1.7.5)
      concurrent-ruby (~> 1.0, >= 1.0.2)
      i18n (>= 1.6, < 2)
      minitest (>= 5.1)
      tzinfo (~> 2.0)
      zeitwerk (~> 2.3)
    concurrent-ruby (1.3.4)
    i18n (1.14.6)
      concurrent-ruby (~> 1.0)
    minitest (5.25.1)
    rake (13.0.3)
    tzinfo (2.0.6)
      concurrent-ruby (~> 1.0)
    zeitwerk (2.6.18)

PLATFORMS
  ruby

DEPENDENCIES
  rake

BUNDLED WITH
   2.2.3
